GEM
  remote: https://rubygems.org/
  specs:
    atk (4.2.4)
      glib2 (= 4.2.4)
    awesome_print (1.9.2)
    cairo (1.17.13)
      native-package-installer (>= 1.0.3)
      pkg-config (>= 1.2.2)
      red-colors
    cairo-gobject (4.2.4)
      cairo (>= 1.16.2)
      glib2 (= 4.2.4)
    ffi (1.17.0)
    ffi (1.17.0-aarch64-linux-gnu)
    ffi (1.17.0-aarch64-linux-musl)
    ffi (1.17.0-arm-linux-gnu)
    ffi (1.17.0-arm-linux-musl)
    ffi (1.17.0-arm64-darwin)
    ffi (1.17.0-x86-linux-gnu)
    ffi (1.17.0-x86-linux-musl)
    ffi (1.17.0-x86_64-darwin)
    ffi (1.17.0-x86_64-linux-gnu)
    ffi (1.17.0-x86_64-linux-musl)
    fiddle (1.1.3)
    gdk4 (4.2.4)
      cairo-gobject (= 4.2.4)
      gdk_pixbuf2 (= 4.2.4)
      pango (= 4.2.4)
    gdk_pixbuf2 (4.2.4)
      gio2 (= 4.2.4)
    gio2 (4.2.4)
      fiddle
      gobject-introspection (= 4.2.4)
    glib2 (4.2.4)
      native-package-installer (>= 1.0.3)
      pkg-config (>= 1.3.5)
    gobject-introspection (4.2.4)
      glib2 (= 4.2.4)
    gtk4 (4.2.4)
      atk (= 4.2.4)
      gdk4 (= 4.2.4)
    gtk4_layer_shell (1.0.0)
    json (2.7.2)
    logger (1.6.4)
    matrix (0.4.2)
    native-package-installer (1.1.9)
    pango (4.2.4)
      cairo-gobject (= 4.2.4)
      gobject-introspection (= 4.2.4)
    pkg-config (1.5.6)
    rake (13.2.1)
    rb-inotify (0.11.1)
      ffi (~> 1.0)
    red-colors (0.4.0)
      json
      matrix
    zeitwerk (2.7.1)

PLATFORMS
  aarch64-linux-gnu
  aarch64-linux-musl
  arm-linux-gnu
  arm-linux-musl
  arm64-darwin
  ruby
  x86-linux-gnu
  x86-linux-musl
  x86_64-darwin
  x86_64-linux-gnu
  x86_64-linux-musl

DEPENDENCIES
  awesome_print
  gtk4
  gtk4_layer_shell
  logger
  rake
  rb-inotify
  zeitwerk

BUNDLED WITH
   2.5.16
